GEM
  remote: https://rubygems.org/
  specs:
    childprocess (0.5.6)
      ffi (~> 1.0, >= 1.0.11)
    facets (3.0.0)
    ffi (1.9.8)
    json (1.8.2)
    multi_json (1.11.0)
    rubyzip (1.1.7)
    selenium-webdriver (2.45.0)
      childprocess (~> 0.5)
      multi_json (~> 1.0)
      rubyzip (~> 1.0)
      websocket (~> 1.0)
    watir-webdriver (0.7.0)
      selenium-webdriver (>= 2.45)
    webdriver-user-agent (7.2)
      facets
      json
      selenium-webdriver
    websocket (1.2.2)

PLATFORMS
  ruby

DEPENDENCIES
  watir-webdriver
  webdriver-user-agent
